GEM
  remote: http://rubygems.org/
  specs:
    ansi (1.3.0)
    git (1.2.5)
    growl (1.0.3)
    guard (0.8.8)
      thor (~> 0.14.6)
    guard-minitest (0.4.0)
      guard (~> 0.4)
    jeweler (1.6.4)
      bundler (~> 1.0)
      git (>= 1.2.5)
      rake
    minitest (2.6.2)
    rake (0.9.2.2)
    rb-fsevent (0.4.3.1)
    rcov (0.9.11)
    shoulda (2.11.3)
    thor (0.14.6)
    turn (0.8.3)
      ansi

PLATFORMS
  ruby

DEPENDENCIES
  bundler (~> 1.1.rc)
  growl (~> 1.0.3)
  guard-minitest (~> 0.4.0)
  jeweler (~> 1.6.4)
  minitest (~> 2.6.0)
  rb-fsevent (~> 0.4.1)
  rcov
  shoulda
  turn (~> 0.8.3)
